GEM
  remote: https://rubygems.org/
  specs:
    bubble-wrap (1.8.0)
    motion-config-vars (0.1.0)
      motion-yaml (>= 1.0)
      rake-hooks (~> 1.2.3)
    motion-yaml (1.4)
    rake (10.4.2)
    rake-hooks (1.2.3)
      rake

PLATFORMS
  ruby

DEPENDENCIES
  bubble-wrap (~> 1.8.0)
  motion-config-vars
  rake
